GIT
  remote: git://github.com/coop/run_keeper.git
  revision: 8f815cd05a5c7cd18a5330bbfd5d15c7f809b213
  branch: master
  specs:
    run_keeper (0.0.5)
      oauth2 (~> 0.5.0)

GEM
  remote: http://rubygems.org/
  specs:
    addressable (2.3.2)
    diff-lcs (1.1.3)
    faraday (0.8.4)
      multipart-post (~> 1.1)
    launchy (2.1.2)
      addressable (~> 2.3)
    multi_json (1.5.0)
    multipart-post (1.1.5)
    oauth2 (0.5.2)
      faraday (~> 0.7)
      multi_json (~> 1.0)
    rack (1.4.3)
    rspec (2.12.0)
      rspec-core (~> 2.12.0)
      rspec-expectations (~> 2.12.0)
      rspec-mocks (~> 2.12.0)
    rspec-core (2.12.2)
    rspec-expectations (2.12.1)
      diff-lcs (~> 1.1.3)
    rspec-mocks (2.12.1)
    simplecov (0.7.1)
      multi_json (~> 1.0)
      simplecov-html (~> 0.7.1)
    simplecov-html (0.7.1)

PLATFORMS
  ruby

DEPENDENCIES
  launchy
  oauth2 (>= 0.5.2)
  rack
  rspec
  run_keeper!
  simplecov
