GIT
  remote: git://github.com/kingbin/runkeeper.git
  revision: fd46951a3c1cde4bdf95d16480971f3328bd5404
  branch: master
  specs:
    runkeeper (0.0.3)
      httparty

GEM
  remote: http://rubygems.org/
  specs:
    addressable (2.3.2)
    diff-lcs (1.1.3)
    faraday (0.8.4)
      multipart-post (~> 1.1)
    httparty (0.10.0)
      multi_json (~> 1.0)
      multi_xml
    launchy (2.1.2)
      addressable (~> 2.3)
    multi_json (1.5.0)
    multi_xml (0.5.2)
    multipart-post (1.1.5)
    oauth2 (0.5.2)
      faraday (~> 0.7)
      multi_json (~> 1.0)
    rack (1.4.3)
    rspec (2.12.0)
      rspec-core (~> 2.12.0)
      rspec-expectations (~> 2.12.0)
      rspec-mocks (~> 2.12.0)
    rspec-core (2.12.2)
    rspec-expectations (2.12.1)
      diff-lcs (~> 1.1.3)
    rspec-mocks (2.12.1)
    simplecov (0.7.1)
      multi_json (~> 1.0)
      simplecov-html (~> 0.7.1)
    simplecov-html (0.7.1)

PLATFORMS
  ruby

DEPENDENCIES
  launchy
  oauth2 (>= 0.5.2)
  rack
  rspec
  runkeeper!
  simplecov
